GEM
  remote: https://rubygems.org/
  specs:
    ffi (1.16.3)
    raylib-bindings (0.7.0-x86_64-linux)
      ffi (~> 1.16)

PLATFORMS
  x86_64-linux

DEPENDENCIES
  raylib-bindings

BUNDLED WITH
   2.4.6
